GEM
  remote: https://rubygems.org/
  specs:
    mini_magick (4.8.0)
    open4 (1.3.4)
    rake (12.3.1)
    svgo_wrapper (0.0.4)
      open4 (~> 1.3.4)

PLATFORMS
  ruby

DEPENDENCIES
  mini_magick
  rake
  svgo_wrapper

BUNDLED WITH
   1.16.1
